GEM
  remote: https://rubygems.org/
  specs:
    gserver (0.0.1)
    mocha (1.13.0)
    power_assert (2.0.1)
    psych (4.0.3)
      stringio
    rake (13.0.6)
    rdoc (6.4.0)
      psych (>= 4.0.0)
    stringio (3.0.1)
    test-unit (3.3.4)
      power_assert

PLATFORMS
  ruby

DEPENDENCIES
  gserver (= 0.0.1)
  mocha (>= 0.14.0)
  rake (~> 13.0)
  rdoc (~> 6.0)
  test-unit (= 3.3.4)

BUNDLED WITH
   2.1.4
