GEM
  remote: https://rubygems.org/
  specs:
    addressable (2.7.0)
      public_suffix (>= 2.0.2, < 5.0)
    builder (3.2.2)
    descendants_tracker (0.0.4)
      thread_safe (~> 0.3, >= 0.3.1)
    faraday (1.0.1)
      multipart-post (>= 1.2, < 3)
    git (1.2.7)
    github_api (0.19.0)
      addressable (~> 2.4)
      descendants_tracker (~> 0.0.4)
      faraday (>= 0.8, < 2)
      hashie (~> 3.5, >= 3.5.2)
      oauth2 (~> 1.0)
    hashie (3.6.0)
    highline (1.6.21)
    hoe (3.7.1)
      rake (>= 0.8, < 11.0)
    jeweler (2.0.1)
      builder
      bundler (>= 1.0)
      git (>= 1.2.5)
      github_api
      highline (>= 1.6.15)
      nokogiri (>= 1.5.10)
      rake
      rdoc
    json (1.8.1)
    jwt (2.2.1)
    metaclass (0.0.1)
    mini_portile2 (2.4.0)
    mocha (0.14.0)
      metaclass (~> 0.0.1)
    multi_json (1.14.1)
    multi_xml (0.6.0)
    multipart-post (2.1.1)
    nokogiri (1.10.9)
      mini_portile2 (~> 2.4.0)
    oauth2 (1.4.4)
      faraday (>= 0.8, < 2.0)
      jwt (>= 1.0, < 3.0)
      multi_json (~> 1.3)
      multi_xml (~> 0.5)
      rack (>= 1.2, < 3)
    public_suffix (4.0.5)
    rack (2.2.3)
    rake (10.1.0)
    rdoc (3.12.2)
      json (~> 1.4)
    test-unit (1.2.3)
      hoe (>= 1.5.1)
    thread_safe (0.3.6)
    wwtd (0.4.4)

PLATFORMS
  ruby

DEPENDENCIES
  bundler (>= 1.1.5)
  jeweler (= 2.0.1)
  mocha (>= 0.14.0)
  rdoc (~> 3.12)
  test-unit (= 1.2.3)
  wwtd
