GEM
  remote: https://rubygems.org/
  specs:
    addressable (2.4.0)
    builder (3.2.4)
    descendants_tracker (0.0.4)
      thread_safe (~> 0.3, >= 0.3.1)
    faraday (0.9.2)
      multipart-post (>= 1.2, < 3)
    git (1.10.2)
      rchardet (~> 1.8)
    github_api (0.16.0)
      addressable (~> 2.4.0)
      descendants_tracker (~> 0.0.4)
      faraday (~> 0.8, < 0.10)
      hashie (>= 3.4)
      mime-types (>= 1.16, < 3.0)
      oauth2 (~> 1.0)
    gserver (0.0.1)
    hashie (5.0.0)
    highline (2.0.3)
    jeweler (2.3.9)
      builder
      bundler
      git (>= 1.2.5)
      github_api (~> 0.16.0)
      highline (>= 1.6.15)
      nokogiri (>= 1.5.10)
      psych
      rake
      rdoc
      semver2
    jwt (2.3.0)
    mime-types (2.99.3)
    mini_portile2 (2.7.1)
    mocha (1.13.0)
    multi_json (1.15.0)
    multi_xml (0.6.0)
    multipart-post (2.1.1)
    nokogiri (1.13.1)
      mini_portile2 (~> 2.7.0)
      racc (~> 1.4)
    oauth2 (1.4.7)
      faraday (>= 0.8, < 2.0)
      jwt (>= 1.0, < 3.0)
      multi_json (~> 1.3)
      multi_xml (~> 0.5)
      rack (>= 1.2, < 3)
    power_assert (2.0.1)
    psych (4.0.3)
      stringio
    racc (1.6.0)
    rack (2.2.3)
    rake (13.0.6)
    rchardet (1.8.0)
    rdoc (6.4.0)
      psych (>= 4.0.0)
    semver2 (3.4.2)
    stringio (3.0.1)
    test-unit (3.3.4)
      power_assert
    thread_safe (0.3.6)

PLATFORMS
  ruby

DEPENDENCIES
  gserver (= 0.0.1)
  jeweler
  mocha (>= 0.14.0)
  rdoc (~> 6.0)
  test-unit (= 3.3.4)

BUNDLED WITH
   2.1.4
